PATH
  remote: .
  specs:
    attached (0.2.1)
      aws-s3
      guid
      rmagick

GEM
  remote: http://rubygems.org/
  specs:
    aws-s3 (0.6.2)
      builder
      mime-types
      xml-simple
    builder (3.0.0)
    guid (0.1.1)
    mime-types (1.16)
    rmagick (2.13.1)
    xml-simple (1.0.12)

PLATFORMS
  ruby

DEPENDENCIES
  attached!
  aws-s3
  guid
  rmagick
